GEM
  remote: https://rubygems.org/
  specs:
    rack (3.0.3)

PLATFORMS
  x86_64-darwin-21

DEPENDENCIES
  rack (~> 3.0)

BUNDLED WITH
   2.4.3
